GEM
  remote: https://rubygems.org/
  specs:
    coderay (1.1.3)
    daemons (1.3.1)
    eventmachine (1.2.7)
    method_source (1.0.0)
    pry (0.13.1)
      coderay (~> 1.1)
      method_source (~> 1.0)
    rack (1.6.12)
    rack-protection (1.5.5)
      rack
    rake (13.0.1)
    require_all (3.0.0)
    shotgun (0.9.2)
      rack (>= 1.0)
    sinatra (1.4.6)
      rack (~> 1.4)
      rack-protection (~> 1.4)
      tilt (>= 1.3, < 3)
    thin (1.6.4)
      daemons (~> 1.0, >= 1.0.9)
      eventmachine (~> 1.0, >= 1.0.4)
      rack (~> 1.0)
    tilt (2.0.10)

PLATFORMS
  ruby

DEPENDENCIES
  pry
  rake
  require_all
  shotgun
  sinatra
  thin

BUNDLED WITH
   2.1.4
